PATH
  remote: .
  specs:
    rszr (0.7.0)

GEM
  remote: https://rubygems.org/
  specs:
    byebug (11.0.0)
    diff-lcs (1.3)
    docile (1.3.1)
    ffi (1.10.0)
    gd2-ffij (0.3.0)
      ffi (>= 1.0.0)
    image_processing (1.8.0)
      mini_magick (>= 4.9.3, < 5)
      ruby-vips (>= 2.0.13, < 3)
    json (2.2.0)
    memory_profiler (0.9.12)
    mini_magick (4.9.5)
    minitest (5.11.3)
    rake (13.0.1)
    rake-compiler (1.0.7)
      rake
    rspec (3.8.0)
      rspec-core (~> 3.8.0)
      rspec-expectations (~> 3.8.0)
      rspec-mocks (~> 3.8.0)
    rspec-core (3.8.0)
      rspec-support (~> 3.8.0)
    rspec-expectations (3.8.2)
      diff-lcs (>= 1.2.0, < 2.0)
      rspec-support (~> 3.8.0)
    rspec-mocks (3.8.0)
      diff-lcs (>= 1.2.0, < 2.0)
      rspec-support (~> 3.8.0)
    rspec-support (3.8.0)
    ruby-vips (2.0.13)
      ffi (~> 1.9)
    simplecov (0.16.1)
      docile (~> 1.1)
      json (>= 1.8, < 3)
      simplecov-html (~> 0.10.0)
    simplecov-html (0.10.2)

PLATFORMS
  ruby

DEPENDENCIES
  bundler (~> 1.17)
  byebug
  gd2-ffij
  image_processing
  memory_profiler
  mini_magick
  minitest
  rake (~> 13.0)
  rake-compiler
  rspec
  rszr!
  ruby-vips
  simplecov

BUNDLED WITH
   1.17.2
